GEM
  remote: https://rubygems.org/
  specs:
    faraday (0.12.2)
      multipart-post (>= 1.2, < 3)
    json (2.1.0)
    jwt (1.5.6)
    multi_json (1.13.1)
    multi_xml (0.6.0)
    multipart-post (2.0.0)
    mustermann (1.0.3)
    oauth2 (1.4.0)
      faraday (>= 0.8, < 0.13)
      jwt (~> 1.0)
      multi_json (~> 1.3)
      multi_xml (~> 0.5)
      rack (>= 1.2, < 3)
    rack (2.0.5)
    rack-protection (2.0.3)
      rack
    sinatra (2.0.3)
      mustermann (~> 1.0)
      rack (~> 2.0)
      rack-protection (= 2.0.3)
      tilt (~> 2.0)
    tilt (2.0.8)

PLATFORMS
  x64-mingw32
  x86-mingw32

DEPENDENCIES
  json
  oauth2
  sinatra

BUNDLED WITH
   1.16.4
